GEM
  remote: https://rubygems.org/
  specs:
    addressable (2.8.6)
      public_suffix (>= 2.0.2, < 6.0)
    diff-lcs (1.5.1)
    json (2.7.1)
    public_suffix (5.0.4)
    rspec (3.13.0)
      rspec-core (~> 3.13.0)
      rspec-expectations (~> 3.13.0)
      rspec-mocks (~> 3.13.0)
    rspec-core (3.13.0)
      rspec-support (~> 3.13.0)
    rspec-expectations (3.13.0)
      diff-lcs (>= 1.2.0, < 2.0)
      rspec-support (~> 3.13.0)
    rspec-mocks (3.13.0)
      diff-lcs (>= 1.2.0, < 2.0)
      rspec-support (~> 3.13.0)
    rspec-support (3.13.1)
    terminal-table (3.0.2)
      unicode-display_width (>= 1.1.1, < 3)
    unicode-display_width (2.5.0)
    whirly (0.3.0)
      unicode-display_width (>= 1.1)

PLATFORMS
  ruby
  x86_64-linux

DEPENDENCIES
  addressable (~> 2.8, >= 2.8.6)
  json
  rspec (~> 3.13)
  terminal-table (~> 3.0)
  whirly

BUNDLED WITH
   2.5.4
